PATH
  remote: .
  specs:
    sep_holidays (0.0.3)

GEM
  remote: http://rubygems.org/
  specs:
    minitest (4.1.0)
    rake (0.9.2.2)

PLATFORMS
  ruby
  x86-mingw32

DEPENDENCIES
  minitest
  rake
  sep_holidays!
