PATH
  remote: .
  specs:
    sep_holidays (0.0.3)

GEM
  specs:
    minitest (2.11.3)
    rake (0.9.2.2)

PLATFORMS
  ruby

DEPENDENCIES
  minitest
  rake
  sep_holidays!
